

GROUP Build
STORAGE: NONE
RESTRICTION: == netstandard2.0
NUGET
  remote: https://api.nuget.org/v3/index.json
    BlackFox.VsWhere (1.1)
      FSharp.Core (>= 4.2.3)
      Microsoft.Win32.Registry (>= 4.7)
    Chessie (0.6)
      FSharp.Core (>= 4.0.1.7-alpha)
      NETStandard.Library (>= 1.6)
    Fake.Core.CommandLineParsing (5.20.3)
      FParsec (>= 1.1.1)
      FSharp.Core (>= 4.7.2)
    Fake.Core.Context (5.20.3)
      FSharp.Core (>= 4.7.2)
    Fake.Core.DependencyManager.Paket (5.20.3)
      FSharp.Core (>= 4.7.2)
    Fake.Core.Environment (5.20.3)
      FSharp.Core (>= 4.7.2)
    Fake.Core.FakeVar (5.20.3)
      Fake.Core.Context (>= 5.20.3)
      FSharp.Core (>= 4.7.2)
    Fake.Core.Process (5.20.3)
      Fake.Core.Environment (>= 5.20.3)
      Fake.Core.FakeVar (>= 5.20.3)
      Fake.Core.String (>= 5.20.3)
      Fake.Core.Trace (>= 5.20.3)
      Fake.IO.FileSystem (>= 5.20.3)
      FSharp.Core (>= 4.7.2)
      System.Collections.Immutable (>= 1.7.1)
    Fake.Core.SemVer (5.20.3)
      FSharp.Core (>= 4.7.2)
    Fake.Core.String (5.20.3)
      FSharp.Core (>= 4.7.2)
    Fake.Core.Target (5.20.3)
      Fake.Core.CommandLineParsing (>= 5.20.3)
      Fake.Core.Context (>= 5.20.3)
      Fake.Core.Environment (>= 5.20.3)
      Fake.Core.FakeVar (>= 5.20.3)
      Fake.Core.Process (>= 5.20.3)
      Fake.Core.String (>= 5.20.3)
      Fake.Core.Trace (>= 5.20.3)
      FSharp.Control.Reactive (>= 4.4.2)
      FSharp.Core (>= 4.7.2)
    Fake.Core.Tasks (5.20.3)
      Fake.Core.Trace (>= 5.20.3)
      FSharp.Core (>= 4.7.2)
    Fake.Core.Trace (5.20.3)
      Fake.Core.Environment (>= 5.20.3)
      Fake.Core.FakeVar (>= 5.20.3)
      FSharp.Core (>= 4.7.2)
    Fake.Core.Xml (5.20.3)
      Fake.Core.String (>= 5.20.3)
      FSharp.Core (>= 4.7.2)
    Fake.DotNet.Cli (5.20.3)
      Fake.Core.Environment (>= 5.20.3)
      Fake.Core.Process (>= 5.20.3)
      Fake.Core.String (>= 5.20.3)
      Fake.Core.Trace (>= 5.20.3)
      Fake.DotNet.MSBuild (>= 5.20.3)
      Fake.DotNet.NuGet (>= 5.20.3)
      Fake.IO.FileSystem (>= 5.20.3)
      FSharp.Core (>= 4.7.2)
      Mono.Posix.NETStandard (>= 1.0)
      Newtonsoft.Json (>= 12.0.3)
    Fake.DotNet.MSBuild (5.20.3)
      BlackFox.VsWhere (>= 1.1)
      Fake.Core.Environment (>= 5.20.3)
      Fake.Core.Process (>= 5.20.3)
      Fake.Core.String (>= 5.20.3)
      Fake.Core.Trace (>= 5.20.3)
      Fake.IO.FileSystem (>= 5.20.3)
      FSharp.Core (>= 4.7.2)
      MSBuild.StructuredLogger (>= 2.1.176)
    Fake.DotNet.NuGet (5.20.3)
      Fake.Core.Environment (>= 5.20.3)
      Fake.Core.Process (>= 5.20.3)
      Fake.Core.SemVer (>= 5.20.3)
      Fake.Core.String (>= 5.20.3)
      Fake.Core.Tasks (>= 5.20.3)
      Fake.Core.Trace (>= 5.20.3)
      Fake.Core.Xml (>= 5.20.3)
      Fake.IO.FileSystem (>= 5.20.3)
      Fake.Net.Http (>= 5.20.3)
      FSharp.Core (>= 4.7.2)
      Newtonsoft.Json (>= 12.0.3)
      NuGet.Protocol (>= 5.6)
    Fake.IO.FileSystem (5.20.3)
      Fake.Core.String (>= 5.20.3)
      FSharp.Core (>= 4.7.2)
    Fake.Net.Http (5.20.3)
      Fake.Core.Trace (>= 5.20.3)
      FSharp.Core (>= 4.7.2)
    Fake.Runtime (5.20.3)
      Fake.Core.Context (>= 5.20.3)
      Fake.Core.DependencyManager.Paket (>= 5.20.3)
      FSharp.Compiler.Service (>= 36.0.3)
      FSharp.Core (>= 4.7.2)
      Microsoft.DotNet.PlatformAbstractions (>= 2.1)
      Mono.Cecil (>= 0.11.2)
      Paket.Core (>= 5.249)
      System.Runtime.Loader (>= 4.3)
    FParsec (1.1.1)
      FSharp.Core (>= 4.3.4)
    FSharp.Compiler.Service (37.0)
      FSharp.Core (>= 4.6.2)
      Microsoft.Build.Framework (>= 16.6)
      Microsoft.Build.Tasks.Core (>= 16.6)
      Microsoft.Build.Utilities.Core (>= 16.6)
      System.Buffers (>= 4.5)
      System.Collections.Immutable (>= 1.5)
      System.Memory (>= 4.5.3)
      System.Reflection.Emit (>= 4.3)
      System.Reflection.Metadata (>= 1.6)
      System.Reflection.TypeExtensions (>= 4.3)
      System.Runtime.Loader (>= 4.0)
    FSharp.Control.Reactive (4.4.2)
      FSharp.Core (>= 4.7.2)
      System.Reactive (>= 4.4.1)
    FSharp.Core (5.0)
    Microsoft.Build (16.7)
    Microsoft.Build.Framework (16.7)
      System.Security.Permissions (>= 4.7)
    Microsoft.Build.Tasks.Core (16.7)
      Microsoft.Build.Framework (>= 16.7)
      Microsoft.Build.Utilities.Core (>= 16.7)
      Microsoft.Win32.Registry (>= 4.3)
      System.CodeDom (>= 4.4)
      System.Collections.Immutable (>= 1.5)
      System.Reflection.Metadata (>= 1.6)
      System.Reflection.TypeExtensions (>= 4.1)
      System.Resources.Extensions (>= 4.6)
      System.Security.Permissions (>= 4.7)
      System.Threading.Tasks.Dataflow (>= 4.9)
    Microsoft.Build.Tasks.Git (1.0)
    Microsoft.Build.Utilities.Core (16.7)
      Microsoft.Build.Framework (>= 16.7)
      Microsoft.Win32.Registry (>= 4.3)
      System.Collections.Immutable (>= 1.5)
      System.Security.Permissions (>= 4.7)
      System.Text.Encoding.CodePages (>= 4.0.1)
    Microsoft.DotNet.PlatformAbstractions (3.1.6)
    Microsoft.NETCore.Platforms (3.1.3)
    Microsoft.NETCore.Targets (3.1)
    Microsoft.SourceLink.Common (1.0)
    Microsoft.SourceLink.GitHub (1.0)
      Microsoft.Build.Tasks.Git (>= 1.0)
      Microsoft.SourceLink.Common (>= 1.0)
    Microsoft.Win32.Primitives (4.3)
      Microsoft.NETCore.Platforms (>= 1.1)
      Microsoft.NETCore.Targets (>= 1.1)
      System.Runtime (>= 4.3)
    Microsoft.Win32.Registry (4.7)
      System.Buffers (>= 4.5)
      System.Memory (>= 4.5.3)
      System.Security.AccessControl (>= 4.7)
      System.Security.Principal.Windows (>= 4.7)
    Mono.Cecil (0.11.3)
    Mono.Posix.NETStandard (1.0)
    MSBuild.StructuredLogger (2.1.176)
      Microsoft.Build (>= 16.4)
      Microsoft.Build.Framework (>= 16.4)
      Microsoft.Build.Tasks.Core (>= 16.4)
      Microsoft.Build.Utilities.Core (>= 16.4)
      Microsoft.SourceLink.GitHub (>= 1.0)
    NETStandard.Library (2.0.3)
      Microsoft.NETCore.Platforms (>= 1.1)
    Newtonsoft.Json (12.0.3)
    NuGet.Common (5.7)
      NuGet.Frameworks (>= 5.7)
      System.Diagnostics.Process (>= 4.3)
      System.Threading.Thread (>= 4.3)
    NuGet.Configuration (5.7)
      NuGet.Common (>= 5.7)
      System.Security.Cryptography.ProtectedData (>= 4.3)
    NuGet.Frameworks (5.7)
    NuGet.Packaging (5.7)
      Newtonsoft.Json (>= 9.0.1)
      NuGet.Configuration (>= 5.7)
      NuGet.Versioning (>= 5.7)
      System.Dynamic.Runtime (>= 4.3)
      System.Security.Cryptography.Cng (>= 5.0.0-preview.3.20214.6)
      System.Security.Cryptography.Pkcs (>= 5.0.0-preview.3.20214.6)
    NuGet.Protocol (5.7)
      NuGet.Packaging (>= 5.7)
      System.Dynamic.Runtime (>= 4.3)
    NuGet.Versioning (5.7)
    Paket.Core (5.251)
      Chessie (>= 0.6)
      Mono.Cecil (>= 0.10.0-beta6)
      Newtonsoft.Json (>= 10.0.3)
      System.Net.Http.WinHttpHandler (>= 4.5)
      System.Security.Cryptography.ProtectedData (>= 4.4)
    runtime.native.System (4.3.1)
      Microsoft.NETCore.Platforms (>= 1.1.1)
      Microsoft.NETCore.Targets (>= 1.1.3)
    System.Buffers (4.5.1)
    System.CodeDom (4.7)
    System.Collections (4.3)
      Microsoft.NETCore.Platforms (>= 1.1)
      Microsoft.NETCore.Targets (>= 1.1)
      System.Runtime (>= 4.3)
    System.Collections.Immutable (1.7.1)
      System.Memory (>= 4.5.4)
    System.Diagnostics.Debug (4.3)
      Microsoft.NETCore.Platforms (>= 1.1)
      Microsoft.NETCore.Targets (>= 1.1)
      System.Runtime (>= 4.3)
    System.Diagnostics.Process (4.3)
      Microsoft.NETCore.Platforms (>= 1.1)
      Microsoft.Win32.Primitives (>= 4.3)
      Microsoft.Win32.Registry (>= 4.3)
      runtime.native.System (>= 4.3)
      System.Collections (>= 4.3)
      System.Diagnostics.Debug (>= 4.3)
      System.Globalization (>= 4.3)
      System.IO (>= 4.3)
      System.IO.FileSystem (>= 4.3)
      System.IO.FileSystem.Primitives (>= 4.3)
      System.Resources.ResourceManager (>= 4.3)
      System.Runtime (>= 4.3)
      System.Runtime.Extensions (>= 4.3)
      System.Runtime.Handles (>= 4.3)
      System.Runtime.InteropServices (>= 4.3)
      System.Text.Encoding (>= 4.3)
      System.Text.Encoding.Extensions (>= 4.3)
      System.Threading (>= 4.3)
      System.Threading.Tasks (>= 4.3)
      System.Threading.Thread (>= 4.3)
      System.Threading.ThreadPool (>= 4.3)
    System.Dynamic.Runtime (4.3)
      System.Collections (>= 4.3)
      System.Diagnostics.Debug (>= 4.3)
      System.Linq (>= 4.3)
      System.Linq.Expressions (>= 4.3)
      System.ObjectModel (>= 4.3)
      System.Reflection (>= 4.3)
      System.Reflection.Emit (>= 4.3)
      System.Reflection.Emit.ILGeneration (>= 4.3)
      System.Reflection.Primitives (>= 4.3)
      System.Reflection.TypeExtensions (>= 4.3)
      System.Resources.ResourceManager (>= 4.3)
      System.Runtime (>= 4.3)
      System.Runtime.Extensions (>= 4.3)
      System.Threading (>= 4.3)
    System.Formats.Asn1 (5.0.0-preview.8.20407.11)
      System.Buffers (>= 4.5.1)
      System.Memory (>= 4.5.4)
    System.Globalization (4.3)
      Microsoft.NETCore.Platforms (>= 1.1)
      Microsoft.NETCore.Targets (>= 1.1)
      System.Runtime (>= 4.3)
    System.IO (4.3)
      Microsoft.NETCore.Platforms (>= 1.1)
      Microsoft.NETCore.Targets (>= 1.1)
      System.Runtime (>= 4.3)
      System.Text.Encoding (>= 4.3)
      System.Threading.Tasks (>= 4.3)
    System.IO.FileSystem (4.3)
      Microsoft.NETCore.Platforms (>= 1.1)
      Microsoft.NETCore.Targets (>= 1.1)
      System.IO (>= 4.3)
      System.IO.FileSystem.Primitives (>= 4.3)
      System.Runtime (>= 4.3)
      System.Runtime.Handles (>= 4.3)
      System.Text.Encoding (>= 4.3)
      System.Threading.Tasks (>= 4.3)
    System.IO.FileSystem.Primitives (4.3)
      System.Runtime (>= 4.3)
    System.Linq (4.3)
      System.Collections (>= 4.3)
      System.Diagnostics.Debug (>= 4.3)
      System.Resources.ResourceManager (>= 4.3)
      System.Runtime (>= 4.3)
      System.Runtime.Extensions (>= 4.3)
    System.Linq.Expressions (4.3)
      System.Collections (>= 4.3)
      System.Diagnostics.Debug (>= 4.3)
      System.Globalization (>= 4.3)
      System.IO (>= 4.3)
      System.Linq (>= 4.3)
      System.ObjectModel (>= 4.3)
      System.Reflection (>= 4.3)
      System.Reflection.Emit (>= 4.3)
      System.Reflection.Emit.ILGeneration (>= 4.3)
      System.Reflection.Emit.Lightweight (>= 4.3)
      System.Reflection.Extensions (>= 4.3)
      System.Reflection.Primitives (>= 4.3)
      System.Reflection.TypeExtensions (>= 4.3)
      System.Resources.ResourceManager (>= 4.3)
      System.Runtime (>= 4.3)
      System.Runtime.Extensions (>= 4.3)
      System.Threading (>= 4.3)
    System.Memory (4.5.4)
      System.Buffers (>= 4.5.1)
      System.Numerics.Vectors (>= 4.4)
      System.Runtime.CompilerServices.Unsafe (>= 4.5.3)
    System.Net.Http.WinHttpHandler (4.7.2)
      System.Buffers (>= 4.5.1)
      System.Memory (>= 4.5.4)
    System.Numerics.Vectors (4.5)
    System.ObjectModel (4.3)
      System.Collections (>= 4.3)
      System.Diagnostics.Debug (>= 4.3)
      System.Resources.ResourceManager (>= 4.3)
      System.Runtime (>= 4.3)
      System.Threading (>= 4.3)
    System.Reactive (4.4.1)
      System.Runtime.InteropServices.WindowsRuntime (>= 4.3)
      System.Threading.Tasks.Extensions (>= 4.5.4)
    System.Reflection (4.3)
      Microsoft.NETCore.Platforms (>= 1.1)
      Microsoft.NETCore.Targets (>= 1.1)
      System.IO (>= 4.3)
      System.Reflection.Primitives (>= 4.3)
      System.Runtime (>= 4.3)
    System.Reflection.Emit (4.7)
      System.Reflection.Emit.ILGeneration (>= 4.7)
    System.Reflection.Emit.ILGeneration (4.7)
    System.Reflection.Emit.Lightweight (4.7)
      System.Reflection.Emit.ILGeneration (>= 4.7)
    System.Reflection.Extensions (4.3)
      Microsoft.NETCore.Platforms (>= 1.1)
      Microsoft.NETCore.Targets (>= 1.1)
      System.Reflection (>= 4.3)
      System.Runtime (>= 4.3)
    System.Reflection.Metadata (1.8.1)
      System.Collections.Immutable (>= 1.7.1)
    System.Reflection.Primitives (4.3)
      Microsoft.NETCore.Platforms (>= 1.1)
      Microsoft.NETCore.Targets (>= 1.1)
      System.Runtime (>= 4.3)
    System.Reflection.TypeExtensions (4.7)
    System.Resources.Extensions (4.7.1)
      System.Memory (>= 4.5.4)
    System.Resources.ResourceManager (4.3)
      Microsoft.NETCore.Platforms (>= 1.1)
      Microsoft.NETCore.Targets (>= 1.1)
      System.Globalization (>= 4.3)
      System.Reflection (>= 4.3)
      System.Runtime (>= 4.3)
    System.Runtime (4.3.1)
      Microsoft.NETCore.Platforms (>= 1.1.1)
      Microsoft.NETCore.Targets (>= 1.1.3)
    System.Runtime.CompilerServices.Unsafe (4.7.1)
    System.Runtime.Extensions (4.3.1)
      Microsoft.NETCore.Platforms (>= 1.1.1)
      Microsoft.NETCore.Targets (>= 1.1.3)
      System.Runtime (>= 4.3.1)
    System.Runtime.Handles (4.3)
      Microsoft.NETCore.Platforms (>= 1.1)
      Microsoft.NETCore.Targets (>= 1.1)
      System.Runtime (>= 4.3)
    System.Runtime.InteropServices (4.3)
      Microsoft.NETCore.Platforms (>= 1.1)
      Microsoft.NETCore.Targets (>= 1.1)
      System.Reflection (>= 4.3)
      System.Reflection.Primitives (>= 4.3)
      System.Runtime (>= 4.3)
      System.Runtime.Handles (>= 4.3)
    System.Runtime.InteropServices.WindowsRuntime (4.3)
      System.Runtime (>= 4.3)
    System.Runtime.Loader (4.3)
      System.IO (>= 4.3)
      System.Reflection (>= 4.3)
      System.Runtime (>= 4.3)
    System.Security.AccessControl (4.7)
      System.Security.Principal.Windows (>= 4.7)
    System.Security.Cryptography.Cng (5.0.0-preview.8.20407.11)
    System.Security.Cryptography.Pkcs (5.0.0-preview.8.20407.11)
      System.Buffers (>= 4.5.1)
      System.Formats.Asn1 (>= 5.0.0-preview.8.20407.11)
      System.Memory (>= 4.5.4)
      System.Security.Cryptography.Cng (>= 5.0.0-preview.8.20407.11)
    System.Security.Cryptography.ProtectedData (4.7)
      System.Memory (>= 4.5.3)
    System.Security.Permissions (4.7)
      System.Security.AccessControl (>= 4.7)
    System.Security.Principal.Windows (4.7)
    System.Text.Encoding (4.3)
      Microsoft.NETCore.Platforms (>= 1.1)
      Microsoft.NETCore.Targets (>= 1.1)
      System.Runtime (>= 4.3)
    System.Text.Encoding.CodePages (4.7.1)
      System.Runtime.CompilerServices.Unsafe (>= 4.7.1)
    System.Text.Encoding.Extensions (4.3)
      Microsoft.NETCore.Platforms (>= 1.1)
      Microsoft.NETCore.Targets (>= 1.1)
      System.Runtime (>= 4.3)
      System.Text.Encoding (>= 4.3)
    System.Threading (4.3)
      System.Runtime (>= 4.3)
      System.Threading.Tasks (>= 4.3)
    System.Threading.Tasks (4.3)
      Microsoft.NETCore.Platforms (>= 1.1)
      Microsoft.NETCore.Targets (>= 1.1)
      System.Runtime (>= 4.3)
    System.Threading.Tasks.Dataflow (4.11.1)
    System.Threading.Tasks.Extensions (4.5.4)
      System.Runtime.CompilerServices.Unsafe (>= 4.5.3)
    System.Threading.Thread (4.3)
      System.Runtime (>= 4.3)
    System.Threading.ThreadPool (4.3)
      System.Runtime (>= 4.3)
      System.Runtime.Handles (>= 4.3)

GROUP Client
STORAGE: NONE
RESTRICTION: == netstandard2.1
NUGET
  remote: https://api.nuget.org/v3/index.json
    Fable.Browser.Blob (1.1)
      Fable.Core (>= 3.0)
      FSharp.Core (>= 4.6.2)
    Fable.Browser.Dom (2.1.2)
      Fable.Browser.Blob (>= 1.1)
      Fable.Browser.Event (>= 1.2.1)
      Fable.Browser.WebStorage (>= 1.0)
      Fable.Core (>= 3.0)
      FSharp.Core (>= 4.7.1)
    Fable.Browser.Event (1.2.1)
      Fable.Core (>= 3.0)
      FSharp.Core (>= 4.7)
    Fable.Browser.WebSocket (1.0.1)
      Fable.Browser.Event (>= 1.2.1)
      Fable.Core (>= 3.0)
      FSharp.Core (>= 4.7)
    Fable.Browser.WebStorage (1.0)
      Fable.Browser.Event (>= 1.0)
      Fable.Core (>= 3.0)
      FSharp.Core (>= 4.5.2)
    Fable.Core (3.1.6)
      FSharp.Core (>= 4.7.1)
    Fable.Fetch (2.2)
      Fable.Browser.Blob (>= 1.1)
      Fable.Core (>= 3.0)
      Fable.Promise (>= 2.0)
      FSharp.Core (>= 4.7)
    Fable.FontAwesome (2.0)
      Fable.Core (>= 3.0)
      Fable.React (>= 5.1)
    Fable.FontAwesome.Free (2.1)
      Fable.Core (>= 3.0)
      Fable.FontAwesome (>= 2.0)
      Fable.React (>= 5.1)
    Fable.Promise (2.1)
      Fable.Core (>= 3.1.5)
      FSharp.Core (>= 4.7)
    Fable.React (6.2)
      Fable.Browser.Dom (>= 1.0)
      Fable.Core (>= 3.1.5)
      FSharp.Core (>= 4.7)
    Fable.Reaction (3.4.2)
      Fable.Browser.Event (>= 1.2.1)
      Fable.Browser.WebSocket (>= 1.0.1)
      Fable.Core (>= 3.1.6)
      Fable.Fetch (>= 2.2)
      Fable.React (>= 6.2)
      FSharp.Control.AsyncRx (>= 1.5.2)
      FSharp.Core (>= 5.0)
    Feliz (1.13)
      Fable.Core (>= 3.1.5)
      Fable.React (>= 6.2)
      FSharp.Core (>= 4.7.2)
    Feliz.Bulma (2.3)
      Feliz (>= 0.68.2)
      FSharp.Core (>= 4.7)
    FSharp.Control.AsyncRx (1.5.2)
      FSharp.Control.AsyncSeq (>= 3.0.2)
      FSharp.Core (>= 5.0)
    FSharp.Control.AsyncSeq (3.0.2)
      FSharp.Core (>= 4.3.2)
    FSharp.Core (5.0)
    Thoth.Json (5.0)
      Fable.Core (>= 3.1.4)
      FSharp.Core (>= 4.7)

GROUP Server
STORAGE: NONE
RESTRICTION: == netcoreapp3.1
NUGET
  remote: https://api.nuget.org/v3/index.json
    Fable.JsonConverter (1.0.8)
      FSharp.Core (>= 4.2.3)
      Newtonsoft.Json (>= 11.0.1)
    FSharp.Control.AsyncRx (1.5.2)
      FSharp.Control.AsyncSeq (>= 3.0.2)
      FSharp.Core (>= 5.0)
    FSharp.Control.AsyncSeq (3.0.2)
      FSharp.Core (>= 4.3.2)
    FSharp.Core (5.0)
    Giraffe (4.1)
      FSharp.Core (>= 4.7)
      Microsoft.IO.RecyclableMemoryStream (>= 1.2.2)
      Newtonsoft.Json (>= 12.0.2)
      TaskBuilder.fs (>= 2.1)
      Utf8Json (>= 1.3.7)
    Microsoft.AspNetCore (2.2)
      Microsoft.AspNetCore.Diagnostics (>= 2.2)
      Microsoft.AspNetCore.HostFiltering (>= 2.2)
      Microsoft.AspNetCore.Hosting (>= 2.2)
      Microsoft.AspNetCore.Routing (>= 2.2)
      Microsoft.AspNetCore.Server.IIS (>= 2.2)
      Microsoft.AspNetCore.Server.IISIntegration (>= 2.2)
      Microsoft.AspNetCore.Server.Kestrel (>= 2.2)
      Microsoft.AspNetCore.Server.Kestrel.Https (>= 2.2)
      Microsoft.Extensions.Configuration.CommandLine (>= 2.2)
      Microsoft.Extensions.Configuration.EnvironmentVariables (>= 2.2)
      Microsoft.Extensions.Configuration.FileExtensions (>= 2.2)
      Microsoft.Extensions.Configuration.Json (>= 2.2)
      Microsoft.Extensions.Configuration.UserSecrets (>= 2.2)
      Microsoft.Extensions.Logging (>= 2.2)
      Microsoft.Extensions.Logging.Configuration (>= 2.2)
      Microsoft.Extensions.Logging.Console (>= 2.2)
      Microsoft.Extensions.Logging.Debug (>= 2.2)
      Microsoft.Extensions.Logging.EventSource (>= 2.2)
    Microsoft.AspNetCore.Authentication.Abstractions (2.2)
      Microsoft.AspNetCore.Http.Abstractions (>= 2.2)
      Microsoft.Extensions.Logging.Abstractions (>= 2.2)
      Microsoft.Extensions.Options (>= 2.2)
    Microsoft.AspNetCore.Authentication.Core (2.2)
      Microsoft.AspNetCore.Authentication.Abstractions (>= 2.2)
      Microsoft.AspNetCore.Http (>= 2.2)
      Microsoft.AspNetCore.Http.Extensions (>= 2.2)
    Microsoft.AspNetCore.Connections.Abstractions (3.1.9)
      Microsoft.AspNetCore.Http.Features (>= 3.1.9)
      System.IO.Pipelines (>= 4.7.3)
    Microsoft.AspNetCore.Diagnostics (2.2)
      Microsoft.AspNetCore.Diagnostics.Abstractions (>= 2.2)
      Microsoft.AspNetCore.Hosting.Abstractions (>= 2.2)
      Microsoft.AspNetCore.Http.Extensions (>= 2.2)
      Microsoft.AspNetCore.WebUtilities (>= 2.2)
      Microsoft.Extensions.FileProviders.Physical (>= 2.2)
      Microsoft.Extensions.Logging.Abstractions (>= 2.2)
      Microsoft.Extensions.Options (>= 2.2)
      System.Diagnostics.DiagnosticSource (>= 4.5)
      System.Reflection.Metadata (>= 1.6)
    Microsoft.AspNetCore.Diagnostics.Abstractions (2.2)
    Microsoft.AspNetCore.HostFiltering (2.2)
      Microsoft.AspNetCore.Hosting.Abstractions (>= 2.2)
      Microsoft.AspNetCore.Http (>= 2.2)
      Microsoft.AspNetCore.Http.Extensions (>= 2.2)
      Microsoft.Extensions.Options (>= 2.2)
    Microsoft.AspNetCore.Hosting (2.2.7)
      Microsoft.AspNetCore.Hosting.Abstractions (>= 2.2)
      Microsoft.AspNetCore.Http (>= 2.2)
      Microsoft.AspNetCore.Http.Extensions (>= 2.2)
      Microsoft.Extensions.Configuration (>= 2.2)
      Microsoft.Extensions.Configuration.EnvironmentVariables (>= 2.2.4)
      Microsoft.Extensions.Configuration.FileExtensions (>= 2.2)
      Microsoft.Extensions.DependencyInjection (>= 2.2)
      Microsoft.Extensions.FileProviders.Physical (>= 2.2)
      Microsoft.Extensions.Hosting.Abstractions (>= 2.2)
      Microsoft.Extensions.Logging (>= 2.2)
      Microsoft.Extensions.Options (>= 2.2)
      System.Diagnostics.DiagnosticSource (>= 4.5.1)
      System.Reflection.Metadata (>= 1.6)
    Microsoft.AspNetCore.Hosting.Abstractions (2.2)
      Microsoft.AspNetCore.Hosting.Server.Abstractions (>= 2.2)
      Microsoft.AspNetCore.Http.Abstractions (>= 2.2)
      Microsoft.Extensions.Hosting.Abstractions (>= 2.2)
    Microsoft.AspNetCore.Hosting.Server.Abstractions (2.2)
      Microsoft.AspNetCore.Http.Features (>= 2.2)
      Microsoft.Extensions.Configuration.Abstractions (>= 2.2)
    Microsoft.AspNetCore.Http (2.2.2)
      Microsoft.AspNetCore.Http.Abstractions (>= 2.2)
      Microsoft.AspNetCore.WebUtilities (>= 2.2)
      Microsoft.Extensions.ObjectPool (>= 2.2)
      Microsoft.Extensions.Options (>= 2.2)
      Microsoft.Net.Http.Headers (>= 2.2)
    Microsoft.AspNetCore.Http.Abstractions (2.2)
      Microsoft.AspNetCore.Http.Features (>= 2.2)
      System.Text.Encodings.Web (>= 4.5)
    Microsoft.AspNetCore.Http.Extensions (2.2)
      Microsoft.AspNetCore.Http.Abstractions (>= 2.2)
      Microsoft.Extensions.FileProviders.Abstractions (>= 2.2)
      Microsoft.Net.Http.Headers (>= 2.2)
      System.Buffers (>= 4.5)
    Microsoft.AspNetCore.Http.Features (3.1.9)
      Microsoft.Extensions.Primitives (>= 3.1.9)
      System.IO.Pipelines (>= 4.7.3)
    Microsoft.AspNetCore.HttpOverrides (2.2)
      Microsoft.AspNetCore.Http.Extensions (>= 2.2)
      Microsoft.Extensions.Logging.Abstractions (>= 2.2)
      Microsoft.Extensions.Options (>= 2.2)
    Microsoft.AspNetCore.Routing (2.2.2)
      Microsoft.AspNetCore.Http.Extensions (>= 2.2)
      Microsoft.AspNetCore.Routing.Abstractions (>= 2.2)
      Microsoft.Extensions.Logging.Abstractions (>= 2.2)
      Microsoft.Extensions.ObjectPool (>= 2.2)
      Microsoft.Extensions.Options (>= 2.2)
    Microsoft.AspNetCore.Routing.Abstractions (2.2)
      Microsoft.AspNetCore.Http.Abstractions (>= 2.2)
    Microsoft.AspNetCore.Server.IIS (2.2.6)
      Microsoft.AspNetCore.Authentication.Core (>= 2.2)
      Microsoft.AspNetCore.Connections.Abstractions (>= 2.2)
      Microsoft.AspNetCore.Hosting.Abstractions (>= 2.2)
      System.IO.Pipelines (>= 4.5.3)
      System.Security.Principal.Windows (>= 4.5)
    Microsoft.AspNetCore.Server.IISIntegration (2.2.1)
      Microsoft.AspNetCore.Authentication.Core (>= 2.2)
      Microsoft.AspNetCore.Hosting.Abstractions (>= 2.2)
      Microsoft.AspNetCore.Http (>= 2.2)
      Microsoft.AspNetCore.Http.Extensions (>= 2.2)
      Microsoft.AspNetCore.HttpOverrides (>= 2.2)
      Microsoft.Extensions.Logging.Abstractions (>= 2.2)
      Microsoft.Extensions.Options (>= 2.2)
      System.Buffers (>= 4.5)
      System.IO.Pipelines (>= 4.5.2)
      System.Memory (>= 4.5.1)
      System.Numerics.Vectors (>= 4.5)
      System.Runtime.CompilerServices.Unsafe (>= 4.5.1)
      System.Security.Principal.Windows (>= 4.5)
    Microsoft.AspNetCore.Server.Kestrel (2.2)
      Microsoft.AspNetCore.Hosting (>= 2.2)
      Microsoft.AspNetCore.Server.Kestrel.Core (>= 2.2)
      Microsoft.AspNetCore.Server.Kestrel.Https (>= 2.2)
      Microsoft.AspNetCore.Server.Kestrel.Transport.Sockets (>= 2.2)
    Microsoft.AspNetCore.Server.Kestrel.Core (2.2)
      Microsoft.AspNetCore.Hosting.Abstractions (>= 2.2)
      Microsoft.AspNetCore.Http (>= 2.2)
      Microsoft.AspNetCore.Server.Kestrel.Transport.Abstractions (>= 2.2)
      Microsoft.AspNetCore.WebUtilities (>= 2.2)
      Microsoft.Extensions.Configuration.Binder (>= 2.2)
      Microsoft.Extensions.Logging.Abstractions (>= 2.2)
      Microsoft.Extensions.Options (>= 2.2)
      Microsoft.Net.Http.Headers (>= 2.2)
      System.Memory (>= 4.5.1)
      System.Numerics.Vectors (>= 4.5)
      System.Runtime.CompilerServices.Unsafe (>= 4.5.1)
      System.Security.Cryptography.Cng (>= 4.5)
      System.Threading.Tasks.Extensions (>= 4.5.1)
    Microsoft.AspNetCore.Server.Kestrel.Https (2.2)
      Microsoft.AspNetCore.Http.Abstractions (>= 2.2)
      Microsoft.AspNetCore.Server.Kestrel.Core (>= 2.2)
    Microsoft.AspNetCore.Server.Kestrel.Transport.Abstractions (2.2)
      Microsoft.AspNetCore.Connections.Abstractions (>= 2.2)
    Microsoft.AspNetCore.Server.Kestrel.Transport.Sockets (2.2.1)
      Microsoft.AspNetCore.Hosting.Abstractions (>= 2.2)
      Microsoft.AspNetCore.Server.Kestrel.Transport.Abstractions (>= 2.2)
      Microsoft.Extensions.Options (>= 2.2)
    Microsoft.AspNetCore.StaticFiles (2.2)
      Microsoft.AspNetCore.Hosting.Abstractions (>= 2.2)
      Microsoft.AspNetCore.Http.Extensions (>= 2.2)
      Microsoft.Extensions.FileProviders.Abstractions (>= 2.2)
      Microsoft.Extensions.Logging.Abstractions (>= 2.2)
      Microsoft.Extensions.WebEncoders (>= 2.2)
    Microsoft.AspNetCore.WebSockets (2.2.1)
      Microsoft.AspNetCore.Http.Extensions (>= 2.2)
      Microsoft.Extensions.Logging.Abstractions (>= 2.2)
      Microsoft.Extensions.Options (>= 2.2)
      System.Net.WebSockets.WebSocketProtocol (>= 4.5.3)
    Microsoft.AspNetCore.WebUtilities (2.2)
      Microsoft.Net.Http.Headers (>= 2.2)
      System.Text.Encodings.Web (>= 4.5)
    Microsoft.Extensions.Configuration (3.1.9)
      Microsoft.Extensions.Configuration.Abstractions (>= 3.1.9)
    Microsoft.Extensions.Configuration.Abstractions (3.1.9)
      Microsoft.Extensions.Primitives (>= 3.1.9)
    Microsoft.Extensions.Configuration.Binder (3.1.9)
      Microsoft.Extensions.Configuration (>= 3.1.9)
    Microsoft.Extensions.Configuration.CommandLine (3.1.9)
      Microsoft.Extensions.Configuration (>= 3.1.9)
    Microsoft.Extensions.Configuration.EnvironmentVariables (3.1.9)
      Microsoft.Extensions.Configuration (>= 3.1.9)
    Microsoft.Extensions.Configuration.FileExtensions (3.1.9)
      Microsoft.Extensions.Configuration (>= 3.1.9)
      Microsoft.Extensions.FileProviders.Physical (>= 3.1.9)
    Microsoft.Extensions.Configuration.Json (3.1.9)
      Microsoft.Extensions.Configuration (>= 3.1.9)
      Microsoft.Extensions.Configuration.FileExtensions (>= 3.1.9)
    Microsoft.Extensions.Configuration.UserSecrets (3.1.9)
      Microsoft.Extensions.Configuration.Json (>= 3.1.9)
    Microsoft.Extensions.DependencyInjection (3.1.9)
      Microsoft.Extensions.DependencyInjection.Abstractions (>= 3.1.9)
    Microsoft.Extensions.DependencyInjection.Abstractions (3.1.9)
    Microsoft.Extensions.FileProviders.Abstractions (3.1.9)
      Microsoft.Extensions.Primitives (>= 3.1.9)
    Microsoft.Extensions.FileProviders.Physical (3.1.9)
      Microsoft.Extensions.FileProviders.Abstractions (>= 3.1.9)
      Microsoft.Extensions.FileSystemGlobbing (>= 3.1.9)
    Microsoft.Extensions.FileSystemGlobbing (3.1.9)
    Microsoft.Extensions.Hosting.Abstractions (3.1.9)
      Microsoft.Extensions.Configuration.Abstractions (>= 3.1.9)
      Microsoft.Extensions.DependencyInjection.Abstractions (>= 3.1.9)
      Microsoft.Extensions.FileProviders.Abstractions (>= 3.1.9)
      Microsoft.Extensions.Logging.Abstractions (>= 3.1.9)
    Microsoft.Extensions.Logging (3.1.9)
      Microsoft.Extensions.Configuration.Binder (>= 3.1.9)
      Microsoft.Extensions.DependencyInjection (>= 3.1.9)
      Microsoft.Extensions.Logging.Abstractions (>= 3.1.9)
      Microsoft.Extensions.Options (>= 3.1.9)
    Microsoft.Extensions.Logging.Abstractions (3.1.9)
    Microsoft.Extensions.Logging.Configuration (3.1.9)
      Microsoft.Extensions.Logging (>= 3.1.9)
      Microsoft.Extensions.Options.ConfigurationExtensions (>= 3.1.9)
    Microsoft.Extensions.Logging.Console (3.1.9)
      Microsoft.Extensions.Configuration.Abstractions (>= 3.1.9)
      Microsoft.Extensions.Logging (>= 3.1.9)
      Microsoft.Extensions.Logging.Configuration (>= 3.1.9)
    Microsoft.Extensions.Logging.Debug (3.1.9)
      Microsoft.Extensions.Logging (>= 3.1.9)
    Microsoft.Extensions.Logging.EventSource (3.1.9)
      Microsoft.Extensions.Logging (>= 3.1.9)
    Microsoft.Extensions.ObjectPool (3.1.9)
    Microsoft.Extensions.Options (3.1.9)
      Microsoft.Extensions.DependencyInjection.Abstractions (>= 3.1.9)
      Microsoft.Extensions.Primitives (>= 3.1.9)
    Microsoft.Extensions.Options.ConfigurationExtensions (3.1.9)
      Microsoft.Extensions.Configuration.Abstractions (>= 3.1.9)
      Microsoft.Extensions.Configuration.Binder (>= 3.1.9)
      Microsoft.Extensions.DependencyInjection.Abstractions (>= 3.1.9)
      Microsoft.Extensions.Options (>= 3.1.9)
    Microsoft.Extensions.Primitives (3.1.9)
    Microsoft.Extensions.WebEncoders (3.1.9)
      Microsoft.Extensions.DependencyInjection.Abstractions (>= 3.1.9)
      Microsoft.Extensions.Options (>= 3.1.9)
    Microsoft.IO.RecyclableMemoryStream (1.3.5)
    Microsoft.Net.Http.Headers (2.2.8)
      Microsoft.Extensions.Primitives (>= 2.2)
      System.Buffers (>= 4.5)
    Microsoft.NETCore.Platforms (3.1.3)
    NETStandard.Library (2.0.3)
      Microsoft.NETCore.Platforms (>= 1.1)
    Newtonsoft.Json (12.0.3)
    Reaction.AspNetCore.Middleware (3.4.2)
      FSharp.Control.AsyncRx (>= 1.5.2)
      FSharp.Core (>= 5.0)
      Microsoft.AspNetCore (>= 2.2)
      Microsoft.AspNetCore.WebSockets (>= 2.2.1)
    System.Buffers (4.5.1)
    System.Diagnostics.DiagnosticSource (4.7.1)
    System.IO.Pipelines (4.7.3)
    System.Memory (4.5.4)
    System.Net.WebSockets.WebSocketProtocol (4.7.1)
    System.Numerics.Vectors (4.5)
    System.Reflection.Emit (4.7)
    System.Reflection.Emit.Lightweight (4.7)
    System.Reflection.Metadata (1.8.1)
    System.Runtime.CompilerServices.Unsafe (4.7.1)
    System.Security.Cryptography.Cng (4.7)
    System.Security.Principal.Windows (4.7)
    System.Text.Encodings.Web (4.7.1)
    System.Threading.Tasks.Extensions (4.5.4)
    System.ValueTuple (4.5)
    TaskBuilder.fs (2.1)
      FSharp.Core (>= 4.1.17)
      NETStandard.Library (>= 1.6.1)
      System.ValueTuple (>= 4.4)
    Thoth.Json.Net (2.5)
      FSharp.Core (>= 4.5.2)
      Newtonsoft.Json (>= 11.0.2)
    Utf8Json (1.3.7)
      System.Reflection.Emit (>= 4.3)
      System.Reflection.Emit.Lightweight (>= 4.3)
      System.Threading.Tasks.Extensions (>= 4.4)
      System.ValueTuple (>= 4.4)
